PATH
  remote: .
  specs:
    s3 (0.3.29)
      addressable
      proxies

GEM
  remote: https://rubygems.org/
  specs:
    addressable (2.8.0)
      public_suffix (>= 2.0.2, < 5.0)
    metaclass (0.0.4)
    mocha (1.5.0)
      metaclass (~> 0.0.1)
    power_assert (1.1.2)
    proxies (0.2.3)
    public_suffix (4.0.6)
    rake (10.5.0)
    test-unit (3.2.8)
      power_assert

PLATFORMS
  ruby

DEPENDENCIES
  bundler (~> 1.16)
  mocha
  rake (~> 10.0)
  s3!
  test-unit

BUNDLED WITH
   1.17.2
